GIT
  remote: https://github.com/seanlilmateus/futuristic.git
  revision: 6125b208c4cded6f4ac2847a93f8b8a771beeb45
  branch: version_1_0
  specs:
    futuristic (1.0)
      motion-require (~> 0.0, >= 0.0.6)

GIT
  remote: https://github.com/seanlilmateus/motion-layout.git
  revision: b6f544f62ed97b85d4e926d18af1352a28d8d80a
  branch: constraint_with_items 
  specs:
    motion-layout (0.0.1)

GEM
  remote: https://rubygems.org/
  specs:
    motion-require (0.2.0)
    rake (10.3.1)

PLATFORMS
  ruby

DEPENDENCIES
  futuristic!
  motion-layout!
  rake
